GEM
  remote: http://rubygems.org/
  specs:
    hiredis (0.4.3)
    json (2.3.0)
    rack (1.6.12)
    rack-protection (1.5.5)
      rack
    redis (2.2.2)
    sinatra (1.3.1)
      rack (~> 1.3, >= 1.3.4)
      rack-protection (~> 1.1, >= 1.1.2)
      tilt (~> 1.3, >= 1.3.3)
    tilt (1.3.3)

PLATFORMS
  ruby

DEPENDENCIES
  hiredis
  json
  redis
  sinatra
